GEM
  remote: https://tB3Vqa765GyMQt6dxPtW@gem.fury.io/lokalebasen/
  remote: https://rubygems.org/
  specs:
    amq-protocol (1.9.2)
    bunny (1.7.0)
      amq-protocol (>= 1.9.2)
    faraday (0.9.1)
      multipart-post (>= 1.2, < 3)
    georuby (2.2.1)
    lbunny (0.1.3)
      bunny (~> 1.7)
    map (6.5.3)
    multipart-post (2.0.0)
    rake (10.1.0)
    require_all (1.3.2)
    sentry-raven (0.13.3)
      faraday (>= 0.7.6)

PLATFORMS
  ruby

DEPENDENCIES
  georuby
  lbunny
  map
  rake
  require_all
  sentry-raven
