GEM
  remote: https://tB3Vqa765GyMQt6dxPtW@gem.fury.io/lokalebasen/
  remote: https://rubygems.org/
  specs:
    amq-protocol (1.9.2)
    bunny (1.7.0)
      amq-protocol (>= 1.9.2)
    coderay (1.1.0)
    georuby (2.2.1)
    lbunny (0.1.3)
      bunny (~> 1.7)
    map (6.5.3)
    method_source (0.8.2)
    pry (0.9.12.6)
      coderay (~> 1.0)
      method_source (~> 0.8)
      slop (~> 3.4)
    rake (10.1.0)
    require_all (1.3.2)
    slop (3.5.0)
    tco (0.1.3)

PLATFORMS
  ruby

DEPENDENCIES
  georuby
  lbunny
  map
  pry
  rake
  require_all
  tco
