GEM
  remote: https://rubygems.org/
  specs:
    coderay (1.1.0)
    georuby (2.2.1)
    map (6.5.3)
    method_source (0.8.2)
    pry (0.9.12.6)
      coderay (~> 1.0)
      method_source (~> 0.8)
      slop (~> 3.4)
    rake (10.1.0)
    require_all (1.3.2)
    slop (3.5.0)
    tco (0.1.3)

PLATFORMS
  ruby

DEPENDENCIES
  georuby
  map
  pry
  rake
  require_all
  tco
